GEM
  remote: https://rubygems.org/
  specs:
    byebug (11.1.3)
    coderay (1.1.3)
    method_source (1.0.0)
    pry (0.14.1)
      coderay (~> 1.1)
      method_source (~> 1.0)
    pry-byebug (3.10.1)
      byebug (~> 11.0)
      pry (>= 0.13, < 0.15)
    sorbet (0.5.10461)
      sorbet-static (= 0.5.10461)
    sorbet-runtime (0.5.10461)
    sorbet-static (0.5.10461-universal-darwin-20)
    sorbet-static (0.5.10461-universal-darwin-21)

PLATFORMS
  arm64-darwin-20
  universal-darwin-21

DEPENDENCIES
  pry (~> 0.14.1)
  pry-byebug (~> 3.10)
  sorbet
  sorbet-runtime

BUNDLED WITH
   2.3.26
